PATH
  remote: .
  specs:
    plaid (7.0.0.rc0)
      faraday
      faraday_middleware
      hashie (>= 3.4.3)

GEM
  remote: https://rubygems.org/
  specs:
    ast (2.4.0)
    dotenv (2.7.1)
    faraday (0.15.4)
      multipart-post (>= 1.2, < 3)
    faraday_middleware (0.13.1)
      faraday (>= 0.7.4, < 1.0)
    hashie (3.6.0)
    minitest (5.11.3)
    minitest-around (0.4.1)
      minitest (~> 5.0)
    multipart-post (2.0.0)
    parallel (1.14.0)
    parser (2.6.0.0)
      ast (~> 2.4.0)
    powerpack (0.1.2)
    rainbow (3.0.0)
    rake (12.3.2)
    rdoc (6.1.1)
    rubocop (0.53.0)
      parallel (~> 1.10)
      parser (>= 2.5)
      powerpack (~> 0.1)
      rainbow (>= 2.2.2, < 4.0)
      ruby-progressbar (~> 1.7)
      unicode-display_width (~> 1.0, >= 1.0.1)
    ruby-progressbar (1.10.0)
    sdoc (1.0.0)
      rdoc (>= 5.0)
    unicode-display_width (1.5.0)
    vcr (4.0.0)

PLATFORMS
  ruby

DEPENDENCIES
  bundler (~> 1.17)
  dotenv
  minitest (~> 5.10)
  minitest-around (~> 0.4.0)
  plaid!
  rake (>= 10.0)
  rubocop (~> 0.53.0)
  sdoc (~> 1.0.0)
  vcr (~> 4.0.0)

BUNDLED WITH
   1.17.3
